GEM
  remote: https://rubygems.org/
  specs:
    addressable (2.8.7)
      public_suffix (>= 2.0.2, < 7.0)
    anyway_config (2.7.2)
      ruby-next-core (~> 1.0)
    ast (2.4.3)
    base64 (0.2.0)
    bigdecimal (3.1.9)
    byebug (12.0.0)
    canister (0.9.2)
    climate_control (1.2.0)
    coderay (1.1.3)
    concurrent-ruby (1.3.5)
    crack (1.0.0)
      bigdecimal
      rexml
    diff-lcs (1.6.1)
    docile (1.4.1)
    dry-initializer (3.2.0)
    faraday (2.13.1)
      faraday-net_http (>= 2.0, < 3.5)
      json
      logger
    faraday-net_http (3.4.0)
      net-http (>= 0.5.0)
    ffi (1.17.2-x86_64-linux-gnu)
    hashdiff (1.1.2)
    json (2.11.3)
    language_server-protocol (3.17.0.4)
    lint_roller (1.1.0)
    listen (3.9.0)
      rb-fsevent (~> 0.10, >= 0.10.3)
      rb-inotify (~> 0.9, >= 0.9.10)
    logger (1.7.0)
    method_source (1.1.0)
    multi_json (1.15.0)
    mustermann (3.0.3)
      ruby2_keywords (~> 0.0.1)
    net-http (0.6.0)
      uri
    nio4r (2.7.4)
    parallel (1.27.0)
    parser (3.3.8.0)
      ast (~> 2.4.1)
      racc
    prism (1.4.0)
    prometheus-client (4.2.4)
      base64
    pry (0.15.2)
      coderay (~> 1.1)
      method_source (~> 1.0)
    pry-byebug (3.11.0)
      byebug (~> 12.0)
      pry (>= 0.13, < 0.16)
    public_suffix (6.0.2)
    puma (6.6.0)
      nio4r (~> 2.0)
    racc (1.8.1)
    rack (3.1.14)
    rack-protection (4.1.1)
      base64 (>= 0.1.0)
      logger (>= 1.6.0)
      rack (>= 3.0.0, < 4)
    rack-session (2.1.0)
      base64 (>= 0.1.0)
      rack (>= 3.0.0)
    rack-test (2.2.0)
      rack (>= 1.3)
    rackup (2.2.1)
      rack (>= 3)
    rainbow (3.1.1)
    rb-fsevent (0.11.2)
    rb-inotify (0.11.1)
      ffi (~> 1.0)
    regexp_parser (2.10.0)
    rexml (3.4.1)
    rspec (3.13.0)
      rspec-core (~> 3.13.0)
      rspec-expectations (~> 3.13.0)
      rspec-mocks (~> 3.13.0)
    rspec-core (3.13.3)
      rspec-support (~> 3.13.0)
    rspec-expectations (3.13.4)
      diff-lcs (>= 1.2.0, < 2.0)
      rspec-support (~> 3.13.0)
    rspec-mocks (3.13.3)
      diff-lcs (>= 1.2.0, < 2.0)
      rspec-support (~> 3.13.0)
    rspec-support (3.13.3)
    rubocop (1.75.4)
      json (~> 2.3)
      language_server-protocol (~> 3.17.0.2)
      lint_roller (~> 1.1.0)
      parallel (~> 1.10)
      parser (>= 3.3.0.2)
      rainbow (>= 2.2.2, < 4.0)
      regexp_parser (>= 2.9.3, < 3.0)
      rubocop-ast (>= 1.44.0, < 2.0)
      ruby-progressbar (~> 1.7)
      unicode-display_width (>= 2.4.0, < 4.0)
    rubocop-ast (1.44.1)
      parser (>= 3.3.7.2)
      prism (~> 1.4)
    rubocop-performance (1.25.0)
      lint_roller (~> 1.1)
      rubocop (>= 1.75.0, < 2.0)
      rubocop-ast (>= 1.38.0, < 2.0)
    ruby-next-core (1.1.1)
    ruby-progressbar (1.13.0)
    ruby2_keywords (0.0.5)
    semantic_logger (4.16.1)
      concurrent-ruby (~> 1.0)
    simplecov (0.22.0)
      docile (~> 1.1)
      simplecov-html (~> 0.11)
      simplecov_json_formatter (~> 0.1)
    simplecov-html (0.13.1)
    simplecov_json_formatter (0.1.4)
    sinatra (4.1.1)
      logger (>= 1.6.0)
      mustermann (~> 3.0)
      rack (>= 3.0.0, < 4)
      rack-protection (= 4.1.1)
      rack-session (>= 2.0.0, < 3)
      tilt (~> 2.0)
    sinatra-contrib (4.1.1)
      multi_json (>= 0.0.2)
      mustermann (~> 3.0)
      rack-protection (= 4.1.1)
      sinatra (= 4.1.1)
      tilt (~> 2.0)
    standard (1.49.0)
      language_server-protocol (~> 3.17.0.2)
      lint_roller (~> 1.0)
      rubocop (~> 1.75.2)
      standard-custom (~> 1.0.0)
      standard-performance (~> 1.8)
    standard-custom (1.0.2)
      lint_roller (~> 1.0)
      rubocop (~> 1.50)
    standard-performance (1.8.0)
      lint_roller (~> 1.1)
      rubocop-performance (~> 1.25.0)
    tilt (2.6.0)
    unicode-display_width (3.1.4)
      unicode-emoji (~> 4.0, >= 4.0.4)
    unicode-emoji (4.0.4)
    uri (1.0.3)
    webmock (3.25.1)
      addressable (>= 2.8.0)
      crack (>= 0.3.2)
      hashdiff (>= 0.4.0, < 2.0.0)
    yabeda (0.13.1)
      anyway_config (>= 1.0, < 3)
      concurrent-ruby
      dry-initializer
    yabeda-prometheus (0.9.1)
      prometheus-client (>= 3.0, < 5.0)
      rack
      yabeda (~> 0.10)
    yabeda-puma-plugin (0.7.1)
      json
      puma
      yabeda (~> 0.5)

PLATFORMS
  x86_64-linux

DEPENDENCIES
  canister
  climate_control
  faraday
  listen
  pry
  pry-byebug
  puma
  rack-test
  rackup
  rspec
  semantic_logger
  simplecov
  sinatra
  sinatra-contrib
  standard
  webmock
  yabeda-prometheus
  yabeda-puma-plugin

BUNDLED WITH
   2.6.8
